PATH
  remote: .
  specs:
    barchart (0.1.0)
      activesupport (~> 4)
      httparty (= 0.17.3)
      json-api-vanilla (= 1.0.2)

GEM
  remote: https://rubygems.org/
  specs:
    activesupport (4.2.11.3)
      i18n (~> 0.7)
      minitest (~> 5.1)
      thread_safe (~> 0.3, >= 0.3.4)
      tzinfo (~> 1.1)
    addressable (2.8.0)
      public_suffix (>= 2.0.2, < 5.0)
    ast (2.4.2)
    concurrent-ruby (1.1.10)
    crack (0.4.5)
      rexml
    diff-lcs (1.5.0)
    docile (1.4.0)
    factory_bot (5.2.0)
      activesupport (>= 4.2.0)
    faker (2.2.1)
      i18n (>= 0.8)
    hashdiff (1.0.1)
    httparty (0.17.3)
      mime-types (~> 3.0)
      multi_xml (>= 0.5.2)
    i18n (0.9.5)
      concurrent-ruby (~> 1.0)
    jaro_winkler (1.5.4)
    json (2.6.1)
    json-api-vanilla (1.0.2)
    mime-types (3.4.1)
      mime-types-data (~> 3.2015)
    mime-types-data (3.2022.0105)
    minitest (5.15.0)
    multi_xml (0.6.0)
    parallel (1.22.1)
    parser (3.1.1.0)
      ast (~> 2.4.1)
    public_suffix (4.0.6)
    rainbow (3.1.1)
    rake (10.5.0)
    rexml (3.2.5)
    rspec (3.11.0)
      rspec-core (~> 3.11.0)
      rspec-expectations (~> 3.11.0)
      rspec-mocks (~> 3.11.0)
    rspec-core (3.11.0)
      rspec-support (~> 3.11.0)
    rspec-expectations (3.11.0)
      diff-lcs (>= 1.2.0, < 2.0)
      rspec-support (~> 3.11.0)
    rspec-mocks (3.11.0)
      diff-lcs (>= 1.2.0, < 2.0)
      rspec-support (~> 3.11.0)
    rspec-support (3.11.0)
    rspec_junit_formatter (0.4.1)
      rspec-core (>= 2, < 4, != 2.12.0)
    rubocop (0.76.0)
      jaro_winkler (~> 1.5.1)
      parallel (~> 1.10)
      parser (>= 2.6)
      rainbow (>= 2.2.2, < 4.0)
      ruby-progressbar (~> 1.7)
      unicode-display_width (>= 1.4.0, < 1.7)
    ruby-progressbar (1.11.0)
    simplecov (0.17.1)
      docile (~> 1.1)
      json (>= 1.8, < 3)
      simplecov-html (~> 0.10.0)
    simplecov-html (0.10.2)
    thread_safe (0.3.6)
    tzinfo (1.2.9)
      thread_safe (~> 0.1)
    unicode-display_width (1.6.1)
    webmock (3.14.0)
      addressable (>= 2.8.0)
      crack (>= 0.3.2)
      hashdiff (>= 0.4.0, < 2.0.0)

PLATFORMS
  ruby

DEPENDENCIES
  barchart!
  bundler (~> 1.16)
  factory_bot (= 5.2)
  faker (= 2.2.1)
  rake (~> 10.0)
  rspec (~> 3.0)
  rspec_junit_formatter (= 0.4.1)
  rubocop (= 0.76.0)
  simplecov (= 0.17.1)
  webmock (~> 3.8)

BUNDLED WITH
   1.17.3
